GIT
  remote: git://github.com/opscode/omnibus-software.git
  revision: 4fbf995d227bfe0d26408eeaf93a2a011d6724d3
  specs:
    omnibus-software (4.0.0)
      omnibus (>= 5.1.0)

GIT
  remote: git://github.com/opscode/omnibus.git
  revision: 49f6f2197fc86896aacf6fdc542e964e5547d400
  specs:
    omnibus (5.1.0)
      aws-sdk (~> 2)
      chef-sugar (~> 3.3)
      cleanroom (~> 1.0)
      mixlib-shellout (~> 2.0)
      mixlib-versioning
      ohai (~> 8.0)
      ruby-progressbar (~> 1.7)
      thor (~> 0.18)

GEM
  remote: https://rubygems.org/
  specs:
    aws-sdk (2.2.26)
      aws-sdk-resources (= 2.2.26)
    aws-sdk-core (2.2.26)
      jmespath (~> 1.0)
    aws-sdk-resources (2.2.26)
      aws-sdk-core (= 2.2.26)
    chef-config (12.8.1)
      mixlib-config (~> 2.0)
      mixlib-shellout (~> 2.0)
    chef-sugar (3.3.0)
    cleanroom (1.0.0)
    ffi (1.9.10)
    ffi-yajl (2.2.3)
      libyajl2 (~> 1.2)
    ipaddress (0.8.3)
    jmespath (1.1.3)
    libyajl2 (1.2.0)
    mixlib-cli (1.5.0)
    mixlib-config (2.2.1)
    mixlib-log (1.6.0)
    mixlib-shellout (2.2.6)
    mixlib-versioning (1.1.0)
    ohai (8.12.0)
      chef-config (>= 12.5.0.alpha.1, < 13)
      ffi (~> 1.9)
      ffi-yajl (~> 2.2)
      ipaddress
      mixlib-cli
      mixlib-config (~> 2.0)
      mixlib-log
      mixlib-shellout (~> 2.0)
      plist
      rake (~> 10.1)
      systemu (~> 2.6.4)
      wmi-lite (~> 1.0)
    plist (3.2.0)
    rake (10.5.0)
    ruby-progressbar (1.7.5)
    systemu (2.6.5)
    thor (0.19.1)
    wmi-lite (1.0.0)

PLATFORMS
  ruby

DEPENDENCIES
  omnibus!
  omnibus-software!
